GEM
  remote: https://rubygems.org/
  specs:
    bson (1.3.1)
    bson_ext (1.3.1)
    logger (1.2.8)
    rack (1.5.2)
    rack-protection (1.5.0)
      rack
    shotgun (0.9)
      rack (>= 1.0)
    sinatra (1.4.2)
      rack (~> 1.5, >= 1.5.2)
      rack-protection (~> 1.4)
      tilt (~> 1.3, >= 1.3.4)
    tilt (1.4.1)

PLATFORMS
  ruby

DEPENDENCIES
  bson (= 1.3.1)
  bson_ext (= 1.3.1)
  logger
  rack (= 1.5.2)
  shotgun
  sinatra (= 1.4.2)
